PATH
  remote: .
  specs:
    api-core (0.0.1)
      rack
      warden

GEM
  remote: https://rubygems.org/
  specs:
    rack (2.0.6)
    rake (10.5.0)
    warden (1.2.8)
      rack (>= 2.0.6)

PLATFORMS
  ruby

DEPENDENCIES
  api-core!
  bundler (~> 1.17)
  rake (~> 10.0)

BUNDLED WITH
   1.17.3
